GIT
  remote: https://github.com/codynguyen/best_in_place
  revision: 20411a75d83bdbbbb06f3a2ed9b405397e70f6c3
  branch: cross-browser-behaviour
  specs:
    best_in_place (3.0.3)
      actionpack (>= 3.2)
      railties (>= 3.2)

GEM
  remote: https://rubygems.org/
  remote: https://rails-assets.org/
  specs:
    actionmailer (4.2.1)
      actionpack (= 4.2.1)
      actionview (= 4.2.1)
      activejob (= 4.2.1)
      mail (~> 2.5, >= 2.5.4)
      rails-dom-testing (~> 1.0, >= 1.0.5)
    actionpack (4.2.1)
      actionview (= 4.2.1)
      activesupport (= 4.2.1)
      rack (~> 1.6)
      rack-test (~> 0.6.2)
      rails-dom-testing (~> 1.0, >= 1.0.5)
      rails-html-sanitizer (~> 1.0, >= 1.0.1)
    actionview (4.2.1)
      activesupport (= 4.2.1)
      builder (~> 3.1)
      erubis (~> 2.7.0)
      rails-dom-testing (~> 1.0, >= 1.0.5)
      rails-html-sanitizer (~> 1.0, >= 1.0.1)
    active_link_to (1.0.2)
      actionpack
    active_model_serializers (0.9.3)
      activemodel (>= 3.2)
    activejob (4.2.1)
      activesupport (= 4.2.1)
      globalid (>= 0.3.0)
    activemodel (4.2.1)
      activesupport (= 4.2.1)
      builder (~> 3.1)
    activerecord (4.2.1)
      activemodel (= 4.2.1)
      activesupport (= 4.2.1)
      arel (~> 6.0)
    activesupport (4.2.1)
      i18n (~> 0.7)
      json (~> 1.7, >= 1.7.7)
      minitest (~> 5.1)
      thread_safe (~> 0.3, >= 0.3.4)
      tzinfo (~> 1.1)
    acts_as_votable (0.10.0)
    addressable (2.3.6)
    after_commit_action (1.0.0)
      activerecord (>= 3.0.0)
      activesupport (>= 3.0.0)
    airbrake (4.1.0)
      builder
      multi_json
    algoliasearch (1.3.1)
      httpclient (~> 2.4)
      json (>= 1.5.1)
    algoliasearch-rails (1.11.12)
      algoliasearch (>= 1.2.14)
      json (>= 1.5.1)
    angular-rails-templates (0.1.4)
      railties (>= 3.1)
      sprockets
      tilt
    angular_rails_csrf (1.0.3)
      rails (>= 3, < 5)
    arel (6.0.0)
    ast (2.0.0)
    astrolabe (1.3.0)
      parser (>= 2.2.0.pre.3, < 3.0)
    attribute_normalizer (1.2.0)
    autoprefixer-rails (4.0.2.2)
      execjs
    awesome_print (1.2.0)
    aws_cf_signer (0.1.3)
    bcrypt (3.1.9)
    bootstrap-kaminari-views (0.0.5)
      kaminari (>= 0.13)
      rails (>= 3.1)
    brakeman (2.4.1)
      erubis (~> 2.6)
      fastercsv (~> 1.5)
      haml (>= 3.0, < 5.0)
      highline (~> 1.6.20)
      multi_json (~> 1.2)
      ruby2ruby (~> 2.0.5)
      ruby_parser (~> 3.4.0)
      sass (~> 3.0)
      slim (>= 1.3.6, < 3.0)
      terminal-table (~> 1.4)
    builder (3.2.2)
    bullet (4.14.0)
      activesupport (>= 3.0.0)
      uniform_notifier (>= 1.6.0)
    bundler-audit (0.3.1)
      bundler (~> 1.2)
      thor (~> 0.18)
    byebug (3.1.2)
      columnize (~> 0.8)
      debugger-linecache (~> 1.2)
    capybara (2.4.4)
      mime-types (>= 1.16)
      nokogiri (>= 1.3.3)
      rack (>= 1.0.0)
      rack-test (>= 0.5.4)
      xpath (~> 2.0)
    capybara-select2 (0.0.8)
      capybara
      rspec
    capybara-webkit (1.4.1)
      capybara (>= 2.3.0, < 2.5.0)
      json
    carrierwave (0.10.0)
      activemodel (>= 3.2.0)
      activesupport (>= 3.2.0)
      json (>= 1.7)
      mime-types (>= 1.16)
    celluloid (0.16.0)
      timers (~> 4.0.0)
    cloudinary (1.0.81)
      aws_cf_signer
      rest-client
    code_analyzer (0.4.4)
      sexp_processor
    coderay (1.1.0)
    coffee-rails (4.1.0)
      coffee-script (>= 2.2.0)
      railties (>= 4.0.0, < 5.0)
    coffee-script (2.3.0)
      coffee-script-source
      execjs
    coffee-script-source (1.9.1.1)
    colored (1.2)
    columnize (0.8.9)
    counter_culture (0.1.33)
      activerecord (>= 3.0.0)
      activesupport (>= 3.0.0)
      after_commit_action (~> 1.0.0)
    crack (0.4.2)
      safe_yaml (~> 1.0.0)
    crass (1.0.1)
    database_cleaner (1.4.0)
    debugger-linecache (1.2.0)
    decent_exposure (2.3.1)
    devise (3.4.1)
      bcrypt (~> 3.0)
      orm_adapter (~> 0.1)
      railties (>= 3.2.6, < 5)
      responders
      thread_safe (~> 0.1)
      warden (~> 1.2.3)
    devise_invitable (1.4.0)
      actionmailer (>= 3.2.6, < 5)
      devise (>= 3.2.0)
    diff-lcs (1.2.5)
    domain_name (0.5.23)
      unf (>= 0.0.5, < 1.0.0)
    dotenv (0.9.0)
    dotenv-rails (0.9.0)
      dotenv (= 0.9.0)
    email_spec (1.6.0)
      launchy (~> 2.1)
      mail (~> 2.2)
    erubis (2.7.0)
    execjs (2.2.2)
    factory_girl (4.4.0)
      activesupport (>= 3.0.0)
    factory_girl_rails (4.4.0)
      factory_girl (~> 4.4.0)
      railties (>= 3.0.0)
    faker (1.4.3)
      i18n (~> 0.5)
    faraday (0.9.1)
      multipart-post (>= 1.2, < 3)
    fastercsv (1.5.5)
    flutie (2.0.0)
    foreman (0.63.0)
      dotenv (>= 0.7)
      thor (>= 0.13.6)
    formulaic (0.0.6)
      activesupport
      capybara
      i18n
    friendly_id (5.1.0)
      activerecord (>= 4.0.0)
    fuubar (2.0.0)
      rspec (~> 3.0)
      ruby-progressbar (~> 1.4)
    gaffe (1.0.2)
      rails (>= 3.2.0)
    globalid (0.3.5)
      activesupport (>= 4.1.0)
    gon (5.2.3)
      actionpack (>= 2.3.0)
      json
      multi_json
      request_store (>= 1.0.5)
    haml (4.0.5)
      tilt
    hashie (3.4.0)
    highline (1.6.21)
    hitimes (1.2.2)
    http-cookie (1.0.2)
      domain_name (~> 0.5)
    httpclient (2.6.0.1)
    i18n (0.7.0)
    interactor (3.1.0)
    interactor-rails (2.0.1)
      interactor (~> 3.0)
      rails (>= 3, < 5)
    jquery-rails (3.1.2)
      railties (>= 3.0, < 5.0)
      thor (>= 0.14, < 2.0)
    jquery-ui-rails (5.0.3)
      railties (>= 3.2.16)
    json (1.8.2)
    jwt (1.3.0)
    kaminari (0.15.1)
      actionpack (>= 3.0.0)
      activesupport (>= 3.0.0)
    launchy (2.4.2)
      addressable (~> 2.3)
    letter_opener (1.2.0)
      launchy (~> 2.2)
    libv8 (3.16.14.7)
    loofah (2.0.1)
      nokogiri (>= 1.5.9)
    mail (2.6.3)
      mime-types (>= 1.16, < 3)
    method_source (0.8.2)
    mime-types (2.4.3)
    mini_portile (0.6.2)
    minitest (5.6.1)
    mobile-fu (1.3.1)
      rack-mobile-detect
      rails
    multi_json (1.11.0)
    multi_xml (0.5.5)
    multipart-post (2.0.0)
    nested_form (0.3.2)
    netrc (0.10.3)
    newrelic_rpm (3.11.0.283)
    nokogiri (1.6.6.2)
      mini_portile (~> 0.6.0)
    nokogumbo (1.2.0)
      nokogiri
    oauth (0.4.7)
    oauth2 (1.0.0)
      faraday (>= 0.8, < 0.10)
      jwt (~> 1.0)
      multi_json (~> 1.3)
      multi_xml (~> 0.5)
      rack (~> 1.2)
    omniauth (1.2.2)
      hashie (>= 1.2, < 4)
      rack (~> 1.0)
    omniauth-facebook (2.0.1)
      omniauth-oauth2 (~> 1.2)
    omniauth-google-oauth2 (0.2.6)
      omniauth (> 1.0)
      omniauth-oauth2 (~> 1.1)
    omniauth-linkedin-oauth2 (0.1.5)
      omniauth (~> 1.0)
      omniauth-oauth2
    omniauth-oauth (1.0.1)
      oauth
      omniauth (~> 1.0)
    omniauth-oauth2 (1.2.0)
      faraday (>= 0.8, < 0.10)
      multi_json (~> 1.3)
      oauth2 (~> 1.0)
      omniauth (~> 1.2)
    omniauth-twitter (1.1.0)
      multi_json (~> 1.3)
      omniauth-oauth (~> 1.0)
    orm_adapter (0.5.0)
    paranoia (2.1.2)
      activerecord (~> 4.0)
    parser (2.2.0.2)
      ast (>= 1.1, < 3.0)
    pg (0.17.1)
    powerpack (0.0.9)
    pry (0.9.12.6)
      coderay (~> 1.0)
      method_source (~> 0.8)
      slop (~> 3.4)
    pry-rails (0.3.2)
      pry (>= 0.9.10)
    puma (2.11.2)
      rack (>= 1.1, < 2.0)
    pundit (0.3.0)
      activesupport (>= 3.0.0)
    quiet_assets (1.0.2)
      railties (>= 3.1, < 5.0)
    rack (1.6.0)
    rack-mobile-detect (0.4.0)
      rack
    rack-protection (1.5.3)
      rack
    rack-test (0.6.3)
      rack (>= 1.0)
    rails (4.2.1)
      actionmailer (= 4.2.1)
      actionpack (= 4.2.1)
      actionview (= 4.2.1)
      activejob (= 4.2.1)
      activemodel (= 4.2.1)
      activerecord (= 4.2.1)
      activesupport (= 4.2.1)
      bundler (>= 1.3.0, < 2.0)
      railties (= 4.2.1)
      sprockets-rails
    rails-assets-angular (1.2.28)
    rails-assets-angular-animate (1.2.28)
      rails-assets-angular (= 1.2.28)
    rails-assets-angular-bootstrap (0.12.1)
      rails-assets-angular (>= 1, < 1.3.0)
    rails-assets-angular-devise (1.0.2)
      rails-assets-angular (>= 1.2.0, < 1.4.0)
    rails-assets-angular-moment (0.10.0)
      rails-assets-angular (>= 1.2.0, < 1.5.0)
      rails-assets-moment (>= 2.8.0, < 2.11.0)
    rails-assets-angular-resource (1.2.28)
      rails-assets-angular (= 1.2.28)
    rails-assets-angular-route (1.2.28)
      rails-assets-angular (= 1.2.28)
    rails-assets-angular-sanitize (1.2.28)
      rails-assets-angular (= 1.2.28)
    rails-assets-angular-ui-router (0.2.13)
      rails-assets-angular (>= 1.0.8)
    rails-assets-animate.css (3.2.6)
    rails-assets-bootstrap (3.3.4)
      rails-assets-jquery (>= 1.9.1)
    rails-assets-bootstrap-sass-official (3.3.4)
      rails-assets-jquery (>= 1.9.0)
    rails-assets-bootstrap-social (4.8.0)
      rails-assets-bootstrap (~> 3)
      rails-assets-font-awesome (~> 4.2)
    rails-assets-bourbon (4.2.2)
    rails-assets-breakpoint-sass (2.5.0)
      rails-assets-sassy-maps (< 1.0.0)
    rails-assets-enquire (2.1.2)
    rails-assets-font-awesome (4.3.0)
    rails-assets-html5shiv (3.7.2)
    rails-assets-humane (3.2.2)
    rails-assets-jquery (2.1.3)
    rails-assets-jquery-autosize (2.0.0)
    rails-assets-jquery-form (3.46.0)
      rails-assets-jquery (>= 1.5)
    rails-assets-jquery-validation (1.13.1)
      rails-assets-jquery (>= 1.6.4)
    rails-assets-modernizr (2.8.3)
    rails-assets-moment (2.10.2)
    rails-assets-respond (1.4.2)
    rails-assets-sassy-maps (0.4.0)
    rails-assets-select2 (3.5.2)
      rails-assets-jquery (>= 1.7.1)
    rails-assets-underscore (1.8.3)
    rails-assets-webhostinghub-glyphs (0.1.3)
    rails-assets-zeroclipboard (2.2.0)
    rails-deprecated_sanitizer (1.0.3)
      activesupport (>= 4.2.0.alpha)
    rails-dom-testing (1.0.6)
      activesupport (>= 4.2.0.beta, < 5.0)
      nokogiri (~> 1.6.0)
      rails-deprecated_sanitizer (>= 1.0.1)
    rails-html-sanitizer (1.0.2)
      loofah (~> 2.0)
    rails_12factor (0.0.2)
      rails_serve_static_assets
      rails_stdout_logging
    rails_best_practices (1.15.2)
      activesupport
      awesome_print
      code_analyzer (>= 0.4.3)
      colored
      erubis
      i18n
      require_all
      ruby-progressbar
    rails_serve_static_assets (0.0.2)
    rails_stdout_logging (0.0.3)
    railties (4.2.1)
      actionpack (= 4.2.1)
      activesupport (= 4.2.1)
      rake (>= 0.8.7)
      thor (>= 0.18.1, < 2.0)
    rainbow (2.0.0)
    rake (10.4.2)
    ranked-model (0.4.0)
      activerecord (>= 3.1.12)
    ref (1.0.5)
    request_store (1.1.0)
    require_all (1.3.2)
    responders (2.0.2)
      railties (>= 4.2.0.alpha, < 5)
    rest-client (1.8.0)
      http-cookie (>= 1.0.2, < 2.0)
      mime-types (>= 1.16, < 3.0)
      netrc (~> 0.7)
    retina_tag (1.3.1)
      jquery-rails
      rails (>= 3.1)
    rspec (3.1.0)
      rspec-core (~> 3.1.0)
      rspec-expectations (~> 3.1.0)
      rspec-mocks (~> 3.1.0)
    rspec-core (3.1.7)
      rspec-support (~> 3.1.0)
    rspec-expectations (3.1.2)
      diff-lcs (>= 1.2.0, < 2.0)
      rspec-support (~> 3.1.0)
    rspec-mocks (3.1.3)
      rspec-support (~> 3.1.0)
    rspec-rails (3.1.0)
      actionpack (>= 3.0)
      activesupport (>= 3.0)
      railties (>= 3.0)
      rspec-core (~> 3.1.0)
      rspec-expectations (~> 3.1.0)
      rspec-mocks (~> 3.1.0)
      rspec-support (~> 3.1.0)
    rspec-support (3.1.2)
    rubocop (0.28.0)
      astrolabe (~> 1.3)
      parser (>= 2.2.0.pre.7, < 3.0)
      powerpack (~> 0.0.6)
      rainbow (>= 1.99.1, < 3.0)
      ruby-progressbar (~> 1.4)
    ruby-progressbar (1.7.1)
    ruby2ruby (2.0.7)
      ruby_parser (~> 3.1)
      sexp_processor (~> 4.0)
    ruby_parser (3.4.1)
      sexp_processor (~> 4.1)
    safe_yaml (1.0.4)
    sanitize (3.1.2)
      crass (~> 1.0.1)
      nokogiri (>= 1.4.4)
      nokogumbo (= 1.2.0)
    sass (3.4.9)
    sass-rails (5.0.0)
      railties (>= 4.0.0, < 5.0)
      sass (~> 3.1)
      sprockets (>= 2.8, < 4.0)
      sprockets-rails (>= 2.0, < 4.0)
      tilt (~> 1.1)
    seedbank (0.3.0)
    sexp_processor (4.4.2)
    shoulda-matchers (2.7.0)
      activesupport (>= 3.0.0)
    simple_form (3.1.0)
      actionpack (~> 4.0)
      activemodel (~> 4.0)
    sinatra (1.4.5)
      rack (~> 1.4)
      rack-protection (~> 1.4)
      tilt (~> 1.3, >= 1.3.4)
    slim (2.1.0)
      temple (~> 0.6.9)
      tilt (>= 1.3.3, < 2.1)
    slim-rails (0.2.1)
      slim (>= 0.9.2)
    slop (3.6.0)
    sprockets (3.0.2)
      rack (~> 1.0)
    sprockets-rails (2.2.4)
      actionpack (>= 3.0)
      activesupport (>= 3.0)
      sprockets (>= 2.8, < 4.0)
    sucker_punch (1.3.2)
      celluloid (~> 0.16.0)
    temple (0.6.10)
    terminal-table (1.4.5)
    therubyracer (0.12.1)
      libv8 (~> 3.16.14.0)
      ref
    thor (0.19.1)
    thread_safe (0.3.5)
    tilt (1.4.1)
    timers (4.0.1)
      hitimes
    title (0.0.5)
      i18n
      rails (>= 3.1)
    tzinfo (1.2.2)
      thread_safe (~> 0.1)
    uglifier (2.4.0)
      execjs (>= 0.3.0)
      json (>= 1.8.0)
    unf (0.1.4)
      unf_ext
    unf_ext (0.0.6)
    uniform_notifier (1.6.2)
    warden (1.2.3)
      rack (>= 1.0)
    webmock (1.17.3)
      addressable (>= 2.2.7)
      crack (>= 0.3.2)
    xpath (2.0.0)
      nokogiri (~> 1.3)

PLATFORMS
  ruby

DEPENDENCIES
  active_link_to
  active_model_serializers
  acts_as_votable
  airbrake
  algoliasearch-rails
  angular-rails-templates
  angular_rails_csrf
  attribute_normalizer
  autoprefixer-rails
  awesome_print
  best_in_place!
  bootstrap-kaminari-views
  brakeman
  bullet
  bundler-audit
  byebug
  capybara
  capybara-select2
  capybara-webkit
  carrierwave
  cloudinary
  coffee-rails
  counter_culture
  crack
  database_cleaner
  decent_exposure
  devise
  devise_invitable
  dotenv-rails
  email_spec
  factory_girl_rails
  faker
  flutie
  foreman
  formulaic
  friendly_id
  fuubar (~> 2.0)
  gaffe
  gon
  interactor-rails
  jquery-rails
  jquery-ui-rails
  kaminari
  launchy
  letter_opener
  mobile-fu
  nested_form
  newrelic_rpm
  omniauth
  omniauth-facebook
  omniauth-google-oauth2
  omniauth-linkedin-oauth2
  omniauth-twitter
  paranoia
  pg
  pry-rails
  puma
  pundit
  quiet_assets
  rails (= 4.2.1)
  rails-assets-angular!
  rails-assets-angular-animate!
  rails-assets-angular-bootstrap!
  rails-assets-angular-devise!
  rails-assets-angular-moment!
  rails-assets-angular-resource!
  rails-assets-angular-route!
  rails-assets-angular-sanitize!
  rails-assets-angular-ui-router!
  rails-assets-animate.css!
  rails-assets-bootstrap-sass-official!
  rails-assets-bootstrap-social!
  rails-assets-bourbon!
  rails-assets-breakpoint-sass!
  rails-assets-enquire!
  rails-assets-font-awesome!
  rails-assets-html5shiv!
  rails-assets-humane!
  rails-assets-jquery-autosize!
  rails-assets-jquery-form!
  rails-assets-jquery-validation!
  rails-assets-modernizr!
  rails-assets-respond!
  rails-assets-select2!
  rails-assets-underscore!
  rails-assets-webhostinghub-glyphs!
  rails-assets-zeroclipboard!
  rails_12factor
  rails_best_practices
  ranked-model
  rest-client (~> 1.8.0)
  retina_tag
  rspec-rails (~> 3.1)
  rubocop
  sanitize
  sass
  sass-rails
  seedbank
  shoulda-matchers
  simple_form (~> 3.1)
  sinatra
  slim
  slim-rails
  sucker_punch
  therubyracer
  title
  uglifier
  webmock
